GEM
  remote: https://rubygems.org/
  specs:
    bigdecimal (3.0.2)
    httparty (0.18.1)
      mime-types (~> 3.0)
      multi_xml (>= 0.5.2)
    json (2.5.1)
    mime-types (3.3.1)
      mime-types-data (~> 3.2015)
    mime-types-data (3.2020.0512)
    mini_portile2 (2.5.1)
    multi_xml (0.6.0)
    nokogiri (1.11.5)
      mini_portile2 (~> 2.5.0)
      racc (~> 1.4)
    nokogiri (1.11.5-x86_64-linux)
      racc (~> 1.4)
    racc (1.5.2)

PLATFORMS
  ruby
  x86_64-linux

DEPENDENCIES
  bigdecimal (~> 3.0)
  httparty (>= 0.18.0)
  json
  nokogiri (>= 1.10.9)

BUNDLED WITH
   2.1.4
