GEM
  remote: https://rubygems.org/
  specs:
    bigdecimal (1.4.1)
    httparty (0.17.1)
      mime-types (~> 3.0)
      multi_xml (>= 0.5.2)
    json (2.1.0)
    mime-types (3.3)
      mime-types-data (~> 3.2015)
    mime-types-data (3.2019.1009)
    mini_portile2 (2.4.0)
    multi_xml (0.6.0)
    nokogiri (1.10.4)
      mini_portile2 (~> 2.4.0)

PLATFORMS
  ruby
  x86_64-linux

DEPENDENCIES
  bigdecimal (= 1.4.1)
  httparty (~> 0.17.0)
  json (= 2.1.0)
  nokogiri (>= 1.10.4)

BUNDLED WITH
   2.0.2
