GEM
  remote: https://rubygems.org/
  specs:
    bigdecimal (3.1.9)
    csv (3.3.3)
    httparty (0.23.1)
      csv
      mini_mime (>= 1.0.0)
      multi_xml (>= 0.5.2)
    json (2.10.2)
    mini_mime (1.1.5)
    mini_portile2 (2.8.8)
    multi_xml (0.7.1)
      bigdecimal (~> 3.1)
    nokogiri (1.18.7)
      mini_portile2 (~> 2.8.2)
      racc (~> 1.4)
    racc (1.8.1)

PLATFORMS
  ruby

DEPENDENCIES
  bigdecimal (~> 3.1)
  httparty (>= 0.18.0)
  json
  nokogiri (>= 1.10.9)

BUNDLED WITH
   2.1.4
