GEM
  remote: https://rubygems.org/
  specs:
    bigdecimal (3.1.6)
    httparty (0.21.0)
      mini_mime (>= 1.0.0)
      multi_xml (>= 0.5.2)
    json (2.7.1)
    mini_mime (1.1.2)
    mini_portile2 (2.8.5)
    multi_xml (0.6.0)
    nokogiri (1.16.2)
      mini_portile2 (~> 2.8.2)
      racc (~> 1.4)
    racc (1.7.3)

PLATFORMS
  ruby

DEPENDENCIES
  bigdecimal (~> 3.1)
  httparty (>= 0.18.0)
  json
  nokogiri (>= 1.10.9)

BUNDLED WITH
   2.1.4
