GEM
  remote: https://rubygems.org/
  specs:
    bigdecimal (3.1.3)
    httparty (0.20.0)
      mime-types (~> 3.0)
      multi_xml (>= 0.5.2)
    json (2.6.3)
    mime-types (3.4.1)
      mime-types-data (~> 3.2015)
    mime-types-data (3.2022.0105)
    mini_portile2 (2.8.0)
    multi_xml (0.6.0)
    nokogiri (1.13.10)
      mini_portile2 (~> 2.8.0)
      racc (~> 1.4)
    racc (1.6.1)

PLATFORMS
  ruby

DEPENDENCIES
  bigdecimal (~> 3.1)
  httparty (>= 0.18.0)
  json
  nokogiri (>= 1.10.9)

BUNDLED WITH
   2.1.4
