GEM
  remote: https://rubygems.org/
  specs:
    httparty (0.16.2)
      multi_xml (>= 0.5.2)
    mini_portile2 (2.3.0)
    multi_xml (0.6.0)
    nokogiri (1.8.5)
      mini_portile2 (~> 2.3.0)
    nokogiri (1.8.5-x64-mingw32)
      mini_portile2 (~> 2.3.0)

PLATFORMS
  ruby
  x64-mingw32

DEPENDENCIES
  httparty (~> 0.16.2)
  nokogiri (~> 1.8, >= 1.8.5)

BUNDLED WITH
   1.16.6
